GEM
  specs:
    httpclient (2.5.3.3)
    multi_json (1.10.1)
    pusher (0.14.2)
      httpclient (~> 2.4)
      multi_json (~> 1.0)
      signature (~> 0.1.6)
    rack (1.6.0)
    rack-protection (1.5.3)
      rack
    signature (0.1.7)
    sinatra (1.4.5)
      rack (~> 1.4)
      rack-protection (~> 1.4)
      tilt (~> 1.3, >= 1.3.4)
    tilt (1.4.1)

PLATFORMS
  ruby

DEPENDENCIES
  pusher
  sinatra
